GEM
  remote: http://rubygems.org/
  specs:
    albacore (2.5.11)
      map (~> 6.5)
      nokogiri (~> 1.5)
      rake (~> 10)
      semver2 (~> 3.4)
    map (6.6.0)
    mini_portile2 (2.0.0)
    nokogiri (1.6.7.2)
      mini_portile2 (~> 2.0.0.rc2)
    nokogiri (1.6.7.2-x64-mingw32)
      mini_portile2 (~> 2.0.0.rc2)
    nuget (2.8.50126.400)
    nuget_helper (0.1.0)
      nuget (~> 2.8.50126.400)
    paket_bootstrapper (2.50.8.0)
    rake (10.5.0)
    semver2 (3.4.2)

PLATFORMS
  ruby
  x64-mingw32

DEPENDENCIES
  albacore
  nuget_helper
  paket_bootstrapper
  rake

BUNDLED WITH
   1.12.5
